PATH
  remote: .
  specs:
    rmonitor (1.0.1)
      commander (= 4.3.4)

GEM
  remote: https://rubygems.org/
  specs:
    ansi (1.5.0)
    builder (3.2.2)
    commander (4.3.4)
      highline (~> 1.7.2)
    fakefs (0.6.7)
    highline (1.7.7)
    minitest (5.5.1)
    minitest-reporters (1.1.2)
      ansi
      builder
      minitest (>= 5.0)
      ruby-progressbar
    rake (10.4.2)
    ruby-progressbar (1.7.5)

PLATFORMS
  ruby

DEPENDENCIES
  fakefs (= 0.6.7)
  minitest (= 5.5.1)
  minitest-reporters (= 1.1.2)
  rake (= 10.4.2)
  rmonitor!
